GEM
  remote: https://rubygems.org/
  specs:
    parallel (1.19.1)
    sequel (5.28.0)
    sqlite3 (1.4.2)

PLATFORMS
  ruby
  x64-mingw32

DEPENDENCIES
  parallel
  sequel
  sqlite3

BUNDLED WITH
   2.1.4
